PATH
  remote: .
  specs:
    inky-rb (1.3.6.1)
      foundation_emails (~> 2)

GEM
  remote: https://rubygems.org/
  specs:
    diff-lcs (1.2.5)
    foundation_emails (2.2.0.0)
    rake (11.2.2)
    rspec-core (3.5.0)
      rspec-support (~> 3.5.0)
    rspec-expectations (3.5.0)
      diff-lcs (>= 1.2.0, < 2.0)
      rspec-support (~> 3.5.0)
    rspec-support (3.5.0)

PLATFORMS
  ruby

DEPENDENCIES
  bundler (~> 1.6)
  inky-rb!
  rake
  rspec-core
  rspec-expectations

BUNDLED WITH
   1.11.2
