PATH
  remote: .
  specs:
    inky-rb (0.0.2)
      foundation_emails (~> 2)

GEM
  remote: https://rubygems.org/
  specs:
    diff-lcs (1.2.5)
    foundation_emails (2.1.0.1)
    rake (11.1.2)
    rspec-core (3.4.1)
      rspec-support (~> 3.4.0)
    rspec-expectations (3.4.0)
      diff-lcs (>= 1.2.0, < 2.0)
      rspec-support (~> 3.4.0)
    rspec-support (3.4.1)

PLATFORMS
  ruby

DEPENDENCIES
  bundler (~> 1.6)
  inky-rb!
  rake
  rspec-core
  rspec-expectations

BUNDLED WITH
   1.10.6
